GEM
  remote: http://rubygems.org/
  specs:
    actionmailer (2.3.2)
      actionpack (= 2.3.2)
    actionpack (2.3.2)
      activesupport (= 2.3.2)
    activerecord (2.3.2)
      activesupport (= 2.3.2)
    activeresource (2.3.2)
      activesupport (= 2.3.2)
    activesupport (2.3.2)
    aws-s3 (0.6.2)
      builder
      mime-types
      xml-simple
    builder (3.0.0)
    columnize (0.3.2)
    confidence (0.5.2)
    crack (0.1.8)
    factory_girl (1.3.2)
    fastercsv (1.5.4)
    hpricot (0.8.3)
    httparty (0.7.4)
      crack (= 0.1.8)
    json (1.5.1)
    linecache (0.43)
    mime-types (1.16)
    mocha (0.9.10)
      rake
    nokogiri (1.4.4)
    paperclip (2.3.8)
      activerecord
      activesupport
    pg (0.10.1)
    rails (2.3.2)
      actionmailer (= 2.3.2)
      actionpack (= 2.3.2)
      activerecord (= 2.3.2)
      activeresource (= 2.3.2)
      activesupport (= 2.3.2)
      rake (>= 0.8.3)
    rake (0.8.7)
    ruby-debug (0.10.4)
      columnize (>= 0.1)
      ruby-debug-base (~> 0.10.4.0)
    ruby-debug-base (0.10.4)
      linecache (>= 0.3)
    shoulda (2.11.3)
    texticle (1.0.4.20101004123327)
    xml-simple (1.0.12)

PLATFORMS
  ruby

DEPENDENCIES
  aws-s3
  confidence
  factory_girl
  fastercsv
  hpricot
  httparty
  json
  mocha
  nokogiri
  paperclip
  pg
  rails (= 2.3.2)
  ruby-debug
  shoulda
  texticle
